GIT
  remote: git://github.com/sferik/rails_admin.git
  revision: 8ab6f429d9505ea9233f17db64b5ef23630c6ad3
  specs:
    rails_admin (0.0.1)
      builder (~> 2.1.0)
      fastercsv
      rails (~> 3.0.7)

GEM
  remote: http://rubygems.org/
  specs:
    abstract (1.0.0)
    actionmailer (3.0.9)
      actionpack (= 3.0.9)
      mail (~> 2.2.19)
    actionpack (3.0.9)
      activemodel (= 3.0.9)
      activesupport (= 3.0.9)
      builder (~> 2.1.2)
      erubis (~> 2.6.6)
      i18n (~> 0.5.0)
      rack (~> 1.2.1)
      rack-mount (~> 0.6.14)
      rack-test (~> 0.5.7)
      tzinfo (~> 0.3.23)
    activemodel (3.0.9)
      activesupport (= 3.0.9)
      builder (~> 2.1.2)
      i18n (~> 0.5.0)
    activerecord (3.0.9)
      activemodel (= 3.0.9)
      activesupport (= 3.0.9)
      arel (~> 2.0.10)
      tzinfo (~> 0.3.23)
    activeresource (3.0.9)
      activemodel (= 3.0.9)
      activesupport (= 3.0.9)
    activesupport (3.0.9)
    addressable (2.2.6)
    annotate-models (1.0.4)
    app-themer (0.4.6)
    arel (2.0.10)
    bcrypt-ruby (2.1.4)
    builder (2.1.2)
    cancan (1.6.5)
    capybara (1.0.0)
      mime-types (>= 1.16)
      nokogiri (>= 1.3.3)
      rack (>= 1.0.0)
      rack-test (>= 0.5.4)
      selenium-webdriver (~> 0.2.0)
      xpath (~> 0.1.4)
    childprocess (0.1.9)
      ffi (~> 1.0.6)
    chunky_png (1.2.0)
    client_side_validations (3.0.5)
      activesupport
    compass (0.11.3)
      chunky_png (~> 1.2)
      fssm (>= 0.2.7)
      sass (~> 3.1)
    configuration (1.2.0)
    cucumber (0.10.6)
      builder (>= 2.1.2)
      diff-lcs (>= 1.1.2)
      gherkin (~> 2.4.0)
      json (>= 1.4.6)
      term-ansicolor (>= 1.0.5)
    cucumber-rails (0.5.2)
      capybara (>= 1.0.0.rc1)
      cucumber (>= 0.10.5)
      nokogiri (>= 1.4.4)
      rack-test (>= 0.5.7)
    database_cleaner (0.6.7)
    devise (1.3.4)
      bcrypt-ruby (~> 2.1.2)
      orm_adapter (~> 0.0.3)
      warden (~> 1.0.3)
    diff-lcs (1.1.2)
    em-websocket (0.3.0)
      addressable (>= 2.1.1)
      eventmachine (>= 0.12.9)
    email_spec (1.1.1)
      rspec (~> 2.0)
    erubis (2.6.6)
      abstract (>= 1.0.0)
    eventmachine (0.12.10)
    factory_girl (2.0.0.beta2)
    factory_girl_rails (1.1.beta1)
      factory_girl (~> 2.0.0.beta)
      rails (>= 3.0.0)
    fastercsv (1.5.4)
    ffi (1.0.9)
    flutie (1.1.8)
    fssm (0.2.7)
    gherkin (2.4.0)
      json (>= 1.4.6)
    gravatar_image_tag (1.0.0)
    growl (1.0.3)
    guard (0.4.2)
      thor (~> 0.14.6)
    guard-bundler (0.1.3)
      bundler (>= 1.0.0)
      guard (>= 0.2.2)
    guard-cucumber (0.5.0)
      cucumber (>= 0.10)
      guard (>= 0.4.0)
    guard-livereload (0.2.0)
      em-websocket (>= 0.2.0)
      guard (>= 0.4.0)
      json (>= 1.5.1)
    guard-pow (0.1.0)
      guard (>= 0.3.0)
    guard-rspec (0.4.0)
      guard (>= 0.4.0)
    guard-spork (0.2.0)
      guard (>= 0.2.2)
      spork (>= 0.8.4)
    haml (3.1.2)
    hpricot (0.8.4)
    html5-boilerplate (1.0.0)
      compass (>= 0.11.1)
    i18n (0.5.0)
    jquery-rails (1.0.11)
      railties (~> 3.0)
      thor (~> 0.14)
    json (1.5.2)
    json_pure (1.5.2)
    launchy (0.4.0)
      configuration (>= 0.0.5)
      rake (>= 0.8.1)
    mail (2.2.19)
      activesupport (>= 2.3.6)
      i18n (>= 0.4.0)
      mime-types (~> 1.16)
      treetop (~> 1.4.8)
    mime-types (1.16)
    mocha (0.9.12)
    nifty-generators (0.4.6)
    nokogiri (1.4.5)
    orm_adapter (0.0.5)
    polyglot (0.3.1)
    rack (1.2.3)
    rack-mount (0.6.14)
      rack (>= 1.0.0)
    rack-test (0.5.7)
      rack (>= 1.0)
    rails (3.0.9)
      actionmailer (= 3.0.9)
      actionpack (= 3.0.9)
      activerecord (= 3.0.9)
      activeresource (= 3.0.9)
      activesupport (= 3.0.9)
      bundler (~> 1.0)
      railties (= 3.0.9)
    rails3-generators (0.17.4)
      railties (>= 3.0.0)
    railties (3.0.9)
      actionpack (= 3.0.9)
      activesupport (= 3.0.9)
      rake (>= 0.8.7)
      rdoc (~> 3.4)
      thor (~> 0.14.4)
    rake (0.9.2)
    rb-fsevent (0.4.0)
    rdoc (3.6.1)
    redis (2.2.1)
    role_model (0.7.0)
    routing-filter (0.2.3)
      actionpack
    rspec (2.6.0)
      rspec-core (~> 2.6.0)
      rspec-expectations (~> 2.6.0)
      rspec-mocks (~> 2.6.0)
    rspec-core (2.6.4)
    rspec-expectations (2.6.0)
      diff-lcs (~> 1.1.2)
    rspec-mocks (2.6.0)
    rspec-rails (2.6.1)
      actionpack (~> 3.0)
      activesupport (~> 3.0)
      railties (~> 3.0)
      rspec (~> 2.6.0)
    ruby_parser (2.0.6)
      sexp_processor (~> 3.0)
    rubyzip (0.9.4)
    sass (3.1.2)
    selenium-webdriver (0.2.1)
      childprocess (>= 0.1.7)
      ffi (>= 1.0.7)
      json_pure
      rubyzip
    sexp_processor (3.0.5)
    shoulda-matchers (1.0.0.beta2)
    simple_form (1.4.1)
    spork (0.9.0.rc4)
    sqlite3 (1.3.3)
    syntax (1.0.0)
    term-ansicolor (1.0.5)
    thor (0.14.6)
    treetop (1.4.9)
      polyglot (>= 0.3.1)
    tzinfo (0.3.28)
    warden (1.0.4)
      rack (>= 1.0)
    xpath (0.1.4)
      nokogiri (~> 1.3)

PLATFORMS
  ruby

DEPENDENCIES
  annotate-models
  app-themer
  cancan
  capybara (>= 0.4.1.2)
  client_side_validations
  compass (>= 0.11.0)
  cucumber-rails (>= 0.4.1)
  database_cleaner (>= 0.6.7)
  devise (>= 1.3.3)
  email_spec
  factory_girl_rails (>= 1.1.beta1)
  flutie (~> 1.1)
  gravatar_image_tag
  growl
  guard
  guard-bundler
  guard-cucumber
  guard-livereload
  guard-pow
  guard-rspec
  guard-spork
  haml (>= 3.0.25)
  hpricot
  html5-boilerplate
  jquery-rails (>= 0.2.7)
  launchy
  mocha
  nifty-generators
  rails (>= 3.0.7)
  rails3-generators
  rails_admin!
  rake
  rb-fsevent
  redis
  role_model
  routing-filter
  rspec-rails (>= 2.5.0)
  ruby_parser
  sass
  shoulda-matchers
  simple_form
  spork (= 0.9.0.rc4)
  sqlite3
  syntax
